GEM
  remote: https://rubygems.org/
  specs:
    diff-lcs (1.2.5)
    rack (1.6.4)
    rack-protection (1.5.3)
      rack
    rspec (3.4.0)
      rspec-core (~> 3.4.0)
      rspec-expectations (~> 3.4.0)
      rspec-mocks (~> 3.4.0)
    rspec-core (3.4.4)
      rspec-support (~> 3.4.0)
    rspec-expectations (3.4.0)
      diff-lcs (>= 1.2.0, < 2.0)
      rspec-support (~> 3.4.0)
    rspec-mocks (3.4.1)
      diff-lcs (>= 1.2.0, < 2.0)
      rspec-support (~> 3.4.0)
    rspec-support (3.4.1)
    shotgun (0.9.1)
      rack (>= 1.0)
    sinatra (1.4.7)
      rack (~> 1.5)
      rack-protection (~> 1.4)
      tilt (>= 1.3, < 3)
    tilt (2.0.4)

PLATFORMS
  ruby

DEPENDENCIES
  rspec (~> 3.4)
  shotgun (~> 0.9.1)
  sinatra (~> 1.4, >= 1.4.7)

BUNDLED WITH
   1.10.6
